GEM
  remote: http://rubygems.org/
  specs:
    mustache (0.99.4)

PLATFORMS
  ruby

DEPENDENCIES
  mustache
